GEM
  remote: https://rubygems.org/
  specs:
    awesome_print (1.2.0)
    colorize (0.7.3)
    metadown (1.0.1)
      redcarpet
    redcarpet (3.1.2)
    rubyzip (1.1.6)
    sass (3.3.10)

PLATFORMS
  ruby

DEPENDENCIES
  awesome_print
  colorize
  metadown
  rubyzip
  sass
